GIT
  remote: https://github.com/doorkeeper-gem/doorkeeper
  revision: ce969eee6c16aa8082b0c77ebb5968d9e9b6a57b
  ref: ce969eee6c16aa8082b0c77ebb5968d9e9b6a57b
  specs:
    doorkeeper (5.0.2)
      railties (>= 4.2)

GIT
  remote: https://github.com/dr0verride/RubyTree.git
  revision: 06f53ee78cc2a48377c1bd177d3bc83c1504701c
  ref: 06f53ee
  specs:
    rubytree (0.9.7)
      json (~> 1.8)

GIT
  remote: https://github.com/finnlabs/omniauth-openid-connect.git
  revision: 9e7fd0e7bd36d40451c6b3c2ea641e8d237c295d
  ref: 9e7fd0e7bd36d40451c6b3c2ea641e8d237c295d
  specs:
    omniauth-openid-connect (0.3.0)
      addressable (~> 2.5)
      omniauth (~> 1.6)
      openid_connect (~> 1.1.6)

GIT
  remote: https://github.com/finnlabs/omniauth-openid_connect-providers.git
  revision: 1d65afd2cbb0ff9cd294a764a4387e0fb36c92f4
  ref: 1d65afd2cbb0ff9cd294a764a4387e0fb36c92f4
  specs:
    omniauth-openid_connect-providers (0.1.1)
      omniauth-openid-connect (>= 0.2.1)

GIT
  remote: https://github.com/finnlabs/rspec-example_disabler.git
  revision: deb9c38e3f4e3688724583ac1ff58e1ae8aba409
  specs:
    rspec-example_disabler (0.0.1)

GIT
  remote: https://github.com/goodwill/capybara-select2
  revision: 585192e4bb0db8d52e761ab68f08c17294806447
  ref: 585192e
  specs:
    capybara-select2 (1.0.1)
      capybara
      rspec

GIT
  remote: https://github.com/opf/omniauth
  revision: fe862f986b2e846e291784d2caa3d90a658c67f0
  ref: fe862f986b2e846e291784d2caa3d90a658c67f0
  specs:
    omniauth (1.9.0)
      hashie (>= 3.4.6, < 3.7.0)
      rack (>= 1.6.2, < 3)

GIT
  remote: https://github.com/opf/openproject-translations.git
  revision: e88f311daa95e8530686d3dafe2ffefc86f6c8bc
  ref: e88f311daa95e8530686d3dafe2ffefc86f6c8bc
  specs:
    openproject-translations (7.4.0)
      crowdin-api (~> 0.5.0)
      mixlib-shellout (~> 2.1.0)
      rubyzip

GIT
  remote: https://github.com/petergoldstein/dalli
  revision: 0ff39199b5e91c6dbdaabc7c085b81938d0f08d2
  ref: 0ff39199b5e91c6dbdaabc7c085b81938d0f08d2
  specs:
    dalli (2.7.9)

GIT
  remote: https://github.com/rspec/rspec-activemodel-mocks
  revision: 6136a778f8b21f4f45f6b4ad5c2e2533e6d4ddc6
  specs:
    rspec-activemodel-mocks (1.1.0)
      activemodel (>= 3.0)
      activesupport (>= 3.0)
      rspec-mocks (>= 2.99, < 4.0)

GIT
  remote: https://github.com/sikachu/bourbon
  revision: a12ca168e74d3468c80500b21b525a4e12a19ef9
  ref: a12ca168e74d3468c80500b21b525a4e12a19ef9
  specs:
    bourbon (5.1.0)
      thor (~> 0.19)

PATH
  remote: modules/auth_plugins
  specs:
    openproject-auth_plugins (1.0.0)
      omniauth (~> 1.0)

PATH
  remote: modules/auth_saml
  specs:
    openproject-auth_saml (1.0.0)
      omniauth-saml (~> 1.10.1)

PATH
  remote: modules/avatars
  specs:
    openproject-avatars (1.0.0)
      fastimage (~> 2.1.0)
      gravatar_image_tag (~> 1.2.0)

PATH
  remote: modules/backlogs
  specs:
    openproject-backlogs (1.0.0)
      acts_as_silent_list (~> 3.0.0)
      openproject-pdf_export

PATH
  remote: modules/bcf
  specs:
    openproject-bcf (1.0.0)
      activerecord-import
      rails (~> 5)
      rubyzip (~> 1.2)

PATH
  remote: modules/bim_seeder
  specs:
    openproject-bim_seeder (1.0.0)
      openproject-bcf

PATH
  remote: modules/boards
  specs:
    openproject-boards (1.0.0)

PATH
  remote: modules/costs
  specs:
    openproject-costs (1.0.0)

PATH
  remote: modules/documents
  specs:
    openproject-documents (1.0.0)

PATH
  remote: modules/github_integration
  specs:
    openproject-github_integration (1.0.0)
      openproject-webhooks

PATH
  remote: modules/global_roles
  specs:
    openproject-global_roles (1.0.0)

PATH
  remote: modules/grids
  specs:
    grids (1.0.0)

PATH
  remote: modules/ldap_groups
  specs:
    openproject-ldap_groups (1.0.0)

PATH
  remote: modules/meeting
  specs:
    openproject-meeting (1.0.0)
      icalendar (~> 2.5.0)

PATH
  remote: modules/my_page
  specs:
    my_page (1.0.0)
      grids

PATH
  remote: modules/my_project_page
  specs:
    openproject-my_project_page (1.0.0)

PATH
  remote: modules/openid_connect
  specs:
    openproject-openid_connect (1.0.0)
      lobby_boy (~> 0.1.3)
      omniauth-openid_connect-providers (~> 0.1)
      openproject-auth_plugins

PATH
  remote: modules/pdf_export
  specs:
    openproject-pdf_export (1.0.0)
      pdf-inspector (~> 1.3.0)
      prawn (~> 2.2)

PATH
  remote: modules/reporting_engine
  specs:
    reporting_engine (1.0.0)
      json

PATH
  remote: modules/reporting
  specs:
    openproject-reporting (1.0.0)
      jquery-tablesorter (~> 1.25.5)
      openproject-costs
      reporting_engine

PATH
  remote: modules/two_factor_authentication
  specs:
    openproject-two_factor_authentication (1.0.0)
      aws-sdk-sns (~> 1.1.0)
      messagebird-rest (~> 1.3.2)
      rotp (~> 3.3)

PATH
  remote: modules/webhooks
  specs:
    openproject-webhooks (1.0.0)

PATH
  remote: modules/xls_export
  specs:
    openproject-xls_export (1.0.0)
      spreadsheet (~> 0.8.9)

GEM
  remote: https://rubygems.org/
  specs:
    Ascii85 (1.0.3)
    actioncable (5.2.2.1)
      actionpack (= 5.2.2.1)
      nio4r (~> 2.0)
      websocket-driver (>= 0.6.1)
    actionmailer (5.2.2.1)
      actionpack (= 5.2.2.1)
      actionview (= 5.2.2.1)
      activejob (= 5.2.2.1)
      mail (~> 2.5, >= 2.5.4)
      rails-dom-testing (~> 2.0)
    actionpack (5.2.2.1)
      actionview (= 5.2.2.1)
      activesupport (= 5.2.2.1)
      rack (~> 2.0)
      rack-test (>= 0.6.3)
      rails-dom-testing (~> 2.0)
      rails-html-sanitizer (~> 1.0, >= 1.0.2)
    actionpack-xml_parser (2.0.1)
      actionpack (>= 5.0)
      railties (>= 5.0)
    actionview (5.2.2.1)
      activesupport (= 5.2.2.1)
      builder (~> 3.1)
      erubi (~> 1.4)
      rails-dom-testing (~> 2.0)
      rails-html-sanitizer (~> 1.0, >= 1.0.3)
    activejob (5.2.2.1)
      activesupport (= 5.2.2.1)
      globalid (>= 0.3.6)
    activemodel (5.2.2.1)
      activesupport (= 5.2.2.1)
    activemodel-serializers-xml (1.0.2)
      activemodel (> 5.x)
      activesupport (> 5.x)
      builder (~> 3.1)
    activerecord (5.2.2.1)
      activemodel (= 5.2.2.1)
      activesupport (= 5.2.2.1)
      arel (>= 9.0)
    activerecord-import (0.28.1)
      activerecord (>= 3.2)
    activerecord-nulldb-adapter (0.3.9)
      activerecord (>= 2.0.0)
    activerecord-session_store (1.1.1)
      actionpack (>= 4.0)
      activerecord (>= 4.0)
      multi_json (~> 1.11, >= 1.11.2)
      rack (>= 1.5.2, < 3)
      railties (>= 4.0)
    activestorage (5.2.2.1)
      actionpack (= 5.2.2.1)
      activerecord (= 5.2.2.1)
      marcel (~> 0.3.1)
    activesupport (5.2.2.1)
      concurrent-ruby (~> 1.0, >= 1.0.2)
      i18n (>= 0.7, < 2)
      minitest (~> 5.1)
      tzinfo (~> 1.1)
    acts_as_list (0.9.11)
      activerecord (>= 3.0)
    acts_as_silent_list (3.0.0)
    acts_as_tree (2.8.0)
      activerecord (>= 3.0.0)
    addressable (2.6.0)
      public_suffix (>= 2.0.2, < 4.0)
    aes_key_wrap (1.0.1)
    afm (0.2.2)
    airbrake (8.0.1)
      airbrake-ruby (~> 3.0)
    airbrake-ruby (3.1.0)
      tdigest (= 0.1.1)
    archive-zip (0.11.0)
      io-like (~> 0.3.0)
    arel (9.0.0)
    ast (2.4.0)
    attr_required (1.0.1)
    autoprefixer-rails (9.4.7)
      execjs
    awesome_nested_set (3.1.4)
      activerecord (>= 4.0.0, < 5.3)
    aws-eventstream (1.0.1)
    aws-partitions (1.136.0)
    aws-sdk-core (3.46.0)
      aws-eventstream (~> 1.0)
      aws-partitions (~> 1.0)
      aws-sigv4 (~> 1.0)
      jmespath (~> 1.0)
    aws-sdk-kms (1.13.0)
      aws-sdk-core (~> 3, >= 3.39.0)
      aws-sigv4 (~> 1.0)
    aws-sdk-s3 (1.30.1)
      aws-sdk-core (~> 3, >= 3.39.0)
      aws-sdk-kms (~> 1)
      aws-sigv4 (~> 1.0)
    aws-sdk-sns (1.1.0)
      aws-sdk-core (~> 3)
      aws-sigv4 (~> 1.0)
    aws-sigv4 (1.0.3)
    axiom-types (0.1.1)
      descendants_tracker (~> 0.0.4)
      ice_nine (~> 0.11.0)
      thread_safe (~> 0.3, >= 0.3.1)
    backports (3.11.4)
    bcrypt (3.1.12)
    bindata (2.4.4)
    binding_of_caller (0.8.0)
      debug_inspector (>= 0.0.1)
    bootsnap (1.3.2)
      msgpack (~> 1.0)
    browser (2.5.3)
    builder (3.2.3)
    byebug (10.0.2)
    capybara (3.13.2)
      addressable
      mini_mime (>= 0.1.3)
      nokogiri (~> 1.8)
      rack (>= 1.6.0)
      rack-test (>= 0.6.3)
      regexp_parser (~> 1.2)
      xpath (~> 3.2)
    capybara-screenshot (1.0.22)
      capybara (>= 1.0, < 4)
      launchy
    carrierwave (1.3.1)
      activemodel (>= 4.0.0)
      activesupport (>= 4.0.0)
      mime-types (>= 1.16)
    cells (4.1.7)
      declarative-builder (< 0.2.0)
      declarative-option (< 0.2.0)
      tilt (>= 1.4, < 3)
      uber (< 0.2.0)
    cells-erb (0.1.0)
      cells (~> 4.0)
      erbse (>= 0.1.1)
    cells-rails (0.0.9)
      actionpack (>= 3.0)
      cells (>= 4.1.6, < 5.0.0)
    childprocess (0.9.0)
      ffi (~> 1.0, >= 1.0.11)
    chromedriver-helper (2.1.0)
      archive-zip (~> 0.10)
      nokogiri (~> 1.8)
    coderay (1.1.2)
    coercible (1.0.0)
      descendants_tracker (~> 0.0.1)
    commonmarker (0.17.9)
      ruby-enum (~> 0.5)
    concurrent-ruby (1.1.5)
    crack (0.4.3)
      safe_yaml (~> 1.0.0)
    crass (1.0.4)
    crowdin-api (0.5.0)
      rest-client (~> 2.0)
    cucumber (3.1.2)
      builder (>= 2.1.2)
      cucumber-core (~> 3.2.0)
      cucumber-expressions (~> 6.0.1)
      cucumber-wire (~> 0.0.1)
      diff-lcs (~> 1.3)
      gherkin (~> 5.1.0)
      multi_json (>= 1.7.5, < 2.0)
      multi_test (>= 0.1.2)
    cucumber-core (3.2.1)
      backports (>= 3.8.0)
      cucumber-tag_expressions (~> 1.1.0)
      gherkin (~> 5.0)
    cucumber-expressions (6.0.1)
    cucumber-rails (1.6.0)
      capybara (>= 1.1.2, < 4)
      cucumber (>= 3.0.2, < 4)
      mime-types (>= 1.17, < 4)
      nokogiri (~> 1.8)
      railties (>= 4, < 6)
    cucumber-tag_expressions (1.1.1)
    cucumber-wire (0.0.1)
    daemons (1.3.1)
    database_cleaner (1.7.0)
    date_validator (0.9.0)
      activemodel
      activesupport
    debug_inspector (0.0.3)
    declarative (0.0.10)
    declarative-builder (0.1.0)
      declarative-option (< 0.2.0)
    declarative-option (0.1.0)
    delayed_job (4.1.5)
      activesupport (>= 3.0, < 5.3)
    delayed_job_active_record (4.1.3)
      activerecord (>= 3.0, < 5.3)
      delayed_job (>= 3.0, < 5)
    descendants_tracker (0.0.4)
      thread_safe (~> 0.3, >= 0.3.1)
    diff-lcs (1.3)
    disposable (0.4.4)
      declarative (>= 0.0.9, < 1.0.0)
      declarative-builder (< 0.2.0)
      declarative-option (< 0.2.0)
      representable (>= 2.4.0, <= 3.1.0)
      uber (< 0.2.0)
    docile (1.3.1)
    domain_name (0.5.20180417)
      unf (>= 0.0.5, < 1.0.0)
    equalizer (0.0.11)
    equivalent-xml (0.6.0)
      nokogiri (>= 1.4.3)
    erbse (0.1.3)
      temple
    erubi (1.8.0)
    escape_utils (1.2.1)
    eventmachine (1.2.7)
    excon (0.62.0)
    execjs (2.7.0)
    factory_bot (4.11.1)
      activesupport (>= 3.0.0)
    factory_bot_rails (4.11.1)
      factory_bot (~> 4.11.1)
      railties (>= 3.0.0)
    faker (1.9.1)
      i18n (>= 0.7)
    fastimage (2.1.5)
    ffi (1.10.0)
    flamegraph (0.9.5)
    fog-aws (3.3.0)
      fog-core (~> 2.1)
      fog-json (~> 1.1)
      fog-xml (~> 0.1)
      ipaddress (~> 0.8)
    fog-core (2.1.2)
      builder
      excon (~> 0.58)
      formatador (~> 0.2)
      mime-types
    fog-json (1.2.0)
      fog-core
      multi_json (~> 1.10)
    fog-xml (0.1.3)
      fog-core
      nokogiri (>= 1.5.11, < 2.0.0)
    formatador (0.2.5)
    friendly_id (5.2.5)
      activerecord (>= 4.0.0)
    fuubar (2.3.2)
      rspec-core (~> 3.0)
      ruby-progressbar (~> 1.4)
    get_process_mem (0.2.3)
    gherkin (5.1.0)
    globalid (0.4.2)
      activesupport (>= 4.2.0)
    gon (6.2.1)
      actionpack (>= 3.0)
      multi_json
      request_store (>= 1.0)
    grape (1.2.3)
      activesupport
      builder
      mustermann-grape (~> 1.0.0)
      rack (>= 1.3.0)
      rack-accept
      virtus (>= 1.0.0)
    gravatar_image_tag (1.2.0)
    hashdiff (0.3.8)
    hashery (2.1.2)
    hashie (3.6.0)
    html-pipeline (2.8.3)
      activesupport (>= 2)
      nokogiri (>= 1.4)
    htmldiff (0.0.1)
    http-cookie (1.0.3)
      domain_name (~> 0.5)
    httpclient (2.8.3)
    i18n (1.6.0)
      concurrent-ruby (~> 1.0)
    i18n-js (3.2.1)
      i18n (>= 0.6.6)
    icalendar (2.5.3)
      ice_cube (~> 0.16)
    ice_cube (0.16.3)
    ice_nine (0.11.2)
    interception (0.5)
    io-like (0.3.0)
    ipaddress (0.8.3)
    iso8601 (0.12.1)
    jaro_winkler (1.5.2)
    jmespath (1.4.0)
    jquery-tablesorter (1.25.5)
      railties (>= 3.2, < 6)
    json (1.8.6)
    json-jwt (1.10.0)
      activesupport (>= 4.2)
      aes_key_wrap
      bindata
    json_spec (1.1.5)
      multi_json (~> 1.0)
      rspec (>= 2.0, < 4.0)
    kgio (2.11.2)
    ladle (1.0.1)
      open4 (~> 1.0)
    launchy (2.4.3)
      addressable (~> 2.3)
    letter_opener (1.7.0)
      launchy (~> 2.2)
    livingstyleguide (2.1.0)
      minisyntax (>= 0.2.5)
      redcarpet
      sassc
      thor
      tilt
    lobby_boy (0.1.3)
      omniauth (~> 1.1)
      omniauth-openid-connect (>= 0.2.1)
      rails (>= 3.2.21)
    lograge (0.10.0)
      actionpack (>= 4)
      activesupport (>= 4)
      railties (>= 4)
      request_store (~> 1.0)
    loofah (2.2.3)
      crass (~> 1.0.2)
      nokogiri (>= 1.5.9)
    mail (2.7.1)
      mini_mime (>= 0.1.1)
    marcel (0.3.3)
      mimemagic (~> 0.3.2)
    messagebird-rest (1.3.3)
    meta-tags (2.11.1)
      actionpack (>= 3.2.0, < 6.1)
    method_source (0.9.2)
    mime-types (3.2.2)
      mime-types-data (~> 3.2015)
    mime-types-data (3.2018.0812)
    mimemagic (0.3.3)
    mini_mime (1.0.1)
    mini_portile2 (2.4.0)
    minisyntax (0.2.5)
    minitest (5.11.3)
    mixlib-shellout (2.1.0)
    msgpack (1.2.6)
    multi_json (1.13.1)
    multi_test (0.1.2)
    mustermann (1.0.3)
    mustermann-grape (1.0.0)
      mustermann (~> 1.0.0)
    mysql2 (0.5.2)
    net-ldap (0.16.1)
    netrc (0.11.0)
    newrelic_rpm (6.0.0.351)
    nio4r (2.3.1)
    nokogiri (1.10.3)
      mini_portile2 (~> 2.4.0)
    nokogumbo (2.0.1)
      nokogiri (~> 1.8, >= 1.8.4)
    oj (3.7.8)
    okcomputer (1.17.3)
    omniauth-saml (1.10.1)
      omniauth (~> 1.3, >= 1.3.2)
      ruby-saml (~> 1.7)
    open4 (1.3.4)
    openid_connect (1.1.6)
      activemodel
      attr_required (>= 1.0.0)
      json-jwt (>= 1.5.0)
      rack-oauth2 (>= 1.6.1)
      swd (>= 1.0.0)
      tzinfo
      validate_email
      validate_url
      webfinger (>= 1.0.1)
    openproject-token (1.0.1)
      activemodel (~> 5.0)
    parallel (1.13.0)
    parallel_tests (2.27.1)
      parallel
    parser (2.6.0.0)
      ast (~> 2.4.0)
    passenger (6.0.1)
      rack
      rake (>= 0.8.1)
    pdf-core (0.7.0)
    pdf-inspector (1.3.0)
      pdf-reader (>= 1.0, < 3.0.a)
    pdf-reader (2.2.0)
      Ascii85 (~> 1.0.0)
      afm (~> 0.2.1)
      hashery (~> 2.0)
      ruby-rc4
      ttfunk
    pg (1.1.4)
    plaintext (0.3.1)
      activesupport (> 2.2.1)
      nokogiri (~> 1.8)
      rubyzip (~> 1.2.1)
    posix-spawn (0.3.13)
    powerpack (0.1.2)
    prawn (2.2.2)
      pdf-core (~> 0.7.0)
      ttfunk (~> 1.5)
    prawn-table (0.2.2)
      prawn (>= 1.3.0, < 3.0.0)
    pry (0.12.2)
      coderay (~> 1.1.0)
      method_source (~> 0.9.0)
    pry-byebug (3.6.0)
      byebug (~> 10.0)
      pry (~> 0.10)
    pry-rails (0.3.9)
      pry (>= 0.10.4)
    pry-rescue (1.5.0)
      interception (>= 0.5)
      pry (>= 0.12.0)
    pry-stack_explorer (0.4.9.3)
      binding_of_caller (>= 0.7)
      pry (>= 0.9.11)
    public_suffix (3.0.3)
    puma (3.12.0)
    rabl (0.14.0)
      activesupport (>= 2.3.14)
    rack (2.0.6)
    rack-accept (0.4.5)
      rack (>= 0.4)
    rack-attack (5.4.2)
      rack (>= 1.0, < 3)
    rack-mini-profiler (1.0.1)
      rack (>= 1.2.0)
    rack-oauth2 (1.9.3)
      activesupport
      attr_required
      httpclient
      json-jwt (>= 1.9.0)
      rack
    rack-protection (2.0.5)
      rack
    rack-test (1.1.0)
      rack (>= 1.0, < 3)
    rack_session_access (0.2.0)
      builder (>= 2.0.0)
      rack (>= 1.0.0)
    rails (5.2.2.1)
      actioncable (= 5.2.2.1)
      actionmailer (= 5.2.2.1)
      actionpack (= 5.2.2.1)
      actionview (= 5.2.2.1)
      activejob (= 5.2.2.1)
      activemodel (= 5.2.2.1)
      activerecord (= 5.2.2.1)
      activestorage (= 5.2.2.1)
      activesupport (= 5.2.2.1)
      bundler (>= 1.3.0)
      railties (= 5.2.2.1)
      sprockets-rails (>= 2.0.0)
    rails-controller-testing (1.0.4)
      actionpack (>= 5.0.1.x)
      actionview (>= 5.0.1.x)
      activesupport (>= 5.0.1.x)
    rails-dom-testing (2.0.3)
      activesupport (>= 4.2.0)
      nokogiri (>= 1.6)
    rails-html-sanitizer (1.0.4)
      loofah (~> 2.2, >= 2.2.2)
    rails_12factor (0.0.3)
      rails_serve_static_assets
      rails_stdout_logging
    rails_serve_static_assets (0.0.5)
    rails_stdout_logging (0.0.5)
    railties (5.2.2.1)
      actionpack (= 5.2.2.1)
      activesupport (= 5.2.2.1)
      method_source
      rake (>= 0.8.7)
      thor (>= 0.19.0, < 2.0)
    rainbow (3.0.0)
    raindrops (0.19.0)
    rake (12.3.2)
    rbtree (0.4.2)
    rdoc (6.1.1)
    redcarpet (3.4.0)
    reform (2.2.4)
      disposable (>= 0.4.1)
      representable (>= 2.4.0, < 3.1.0)
    reform-rails (0.1.7)
      activemodel (>= 3.2)
      reform (>= 2.2.0)
    regexp_parser (1.3.0)
    representable (3.0.4)
      declarative (< 0.1.0)
      declarative-option (< 0.2.0)
      uber (< 0.2.0)
    request_store (1.4.1)
      rack (>= 1.4)
    responders (2.4.1)
      actionpack (>= 4.2.0, < 6.0)
      railties (>= 4.2.0, < 6.0)
    rest-client (2.0.2)
      http-cookie (>= 1.0.2, < 2.0)
      mime-types (>= 1.16, < 4.0)
      netrc (~> 0.8)
    retriable (3.1.2)
    rinku (2.0.4)
    roar (1.1.0)
      representable (~> 3.0.0)
    rotp (3.3.1)
    rouge (3.1.1)
    rspec (3.8.0)
      rspec-core (~> 3.8.0)
      rspec-expectations (~> 3.8.0)
      rspec-mocks (~> 3.8.0)
    rspec-core (3.8.0)
      rspec-support (~> 3.8.0)
    rspec-expectations (3.8.2)
      diff-lcs (>= 1.2.0, < 2.0)
      rspec-support (~> 3.8.0)
    rspec-mocks (3.8.0)
      diff-lcs (>= 1.2.0, < 2.0)
      rspec-support (~> 3.8.0)
    rspec-rails (3.8.2)
      actionpack (>= 3.0)
      activesupport (>= 3.0)
      railties (>= 3.0)
      rspec-core (~> 3.8.0)
      rspec-expectations (~> 3.8.0)
      rspec-mocks (~> 3.8.0)
      rspec-support (~> 3.8.0)
    rspec-retry (0.6.1)
      rspec-core (> 3.3)
    rspec-support (3.8.0)
    rubocop (0.63.1)
      jaro_winkler (~> 1.5.1)
      parallel (~> 1.10)
      parser (>= 2.5, != 2.5.1.1)
      powerpack (~> 0.1)
      rainbow (>= 2.2.2, < 4.0)
      ruby-progressbar (~> 1.7)
      unicode-display_width (~> 1.4.0)
    ruby-duration (3.2.3)
      activesupport (>= 3.0.0)
      i18n
      iso8601
    ruby-enum (0.7.2)
      i18n
    ruby-ole (1.2.12.2)
    ruby-prof (0.17.0)
    ruby-progressbar (1.10.0)
    ruby-rc4 (0.1.5)
    ruby-saml (1.9.0)
      nokogiri (>= 1.5.10)
    rubyzip (1.2.2)
    safe_yaml (1.0.4)
    sanitize (5.0.0)
      crass (~> 1.0.2)
      nokogiri (>= 1.8.0)
      nokogumbo (~> 2.0)
    sassc (2.0.1)
      ffi (~> 1.9)
      rake
    sassc-rails (2.1.0)
      railties (>= 4.0.0)
      sassc (>= 2.0)
      sprockets (> 3.0)
      sprockets-rails
      tilt
    secure_headers (6.0.0)
      useragent (>= 0.15.0)
    selenium-webdriver (3.141.0)
      childprocess (~> 0.5)
      rubyzip (~> 1.2, >= 1.2.2)
    semantic (1.6.1)
    shoulda-context (1.2.2)
    shoulda-matchers (3.1.3)
      activesupport (>= 4.0.0)
    simplecov (0.16.1)
      docile (~> 1.1)
      json (>= 1.8, < 3)
      simplecov-html (~> 0.10.0)
    simplecov-html (0.10.2)
    spreadsheet (0.8.9)
      ruby-ole (>= 1.0)
    spring (2.0.2)
      activesupport (>= 4.2)
    spring-commands-rspec (1.0.4)
      spring (>= 0.9.1)
    sprockets (3.7.2)
      concurrent-ruby (~> 1.0)
      rack (> 1, < 3)
    sprockets-rails (3.2.1)
      actionpack (>= 4.0)
      activesupport (>= 4.0)
      sprockets (>= 3.0.0)
    stackprof (0.2.12)
    stringex (2.8.5)
    svg-graph (2.1.3)
    swd (1.1.2)
      activesupport (>= 3)
      attr_required (>= 0.0.5)
      httpclient (>= 2.4)
    sys-filesystem (1.2.0)
      ffi
    tdigest (0.1.1)
      rbtree (~> 0.4.2)
    temple (0.8.0)
    test-prof (0.7.3)
    thin (1.7.2)
      daemons (~> 1.0, >= 1.0.9)
      eventmachine (~> 1.0, >= 1.0.4)
      rack (>= 1, < 3)
    thor (0.20.3)
    thread_safe (0.3.6)
    tilt (2.0.9)
    timecop (0.9.1)
    ttfunk (1.5.0)
    typed_dag (2.0.2)
      rails (>= 5.0.4)
    tzinfo (1.2.5)
      thread_safe (~> 0.1)
    tzinfo-data (1.2018.9)
      tzinfo (>= 1.0.0)
    uber (0.1.0)
    unf (0.1.4)
      unf_ext
    unf_ext (0.0.7.5)
    unicode-display_width (1.4.1)
    unicorn (5.4.1)
      kgio (~> 2.6)
      raindrops (~> 0.7)
    unicorn-worker-killer (0.4.4)
      get_process_mem (~> 0)
      unicorn (>= 4, < 6)
    useragent (0.16.10)
    validate_email (0.1.6)
      activemodel (>= 3.0)
      mail (>= 2.2.5)
    validate_url (1.0.8)
      activemodel (>= 3.0.0)
      public_suffix
    virtus (1.0.5)
      axiom-types (~> 0.1)
      coercible (~> 1.0)
      descendants_tracker (~> 0.0, >= 0.0.3)
      equalizer (~> 0.0, >= 0.0.9)
    warden (1.2.8)
      rack (>= 2.0.6)
    warden-basic_auth (0.2.1)
      warden (~> 1.2)
    webfinger (1.1.0)
      activesupport
      httpclient (>= 2.4)
    webmock (3.5.1)
      addressable (>= 2.3.6)
      crack (>= 0.3.2)
      hashdiff
    websocket-driver (0.7.0)
      websocket-extensions (>= 0.1.0)
    websocket-extensions (0.1.3)
    will_paginate (3.1.6)
    with_advisory_lock (4.0.0)
      activerecord (>= 4.2)
    xpath (3.2.0)
      nokogiri (~> 1.8)

PLATFORMS
  ruby

DEPENDENCIES
  actionpack-xml_parser (~> 2.0.0)
  activemodel-serializers-xml (~> 1.0.1)
  activerecord-import (~> 0.28.1)
  activerecord-nulldb-adapter (~> 0.3.9)
  activerecord-session_store (~> 1.1.0)
  acts_as_list (~> 0.9.9)
  acts_as_tree (~> 2.8.0)
  addressable (~> 2.6.0)
  airbrake (~> 8.0.1)
  autoprefixer-rails (~> 9.4.5)
  awesome_nested_set (~> 3.1.3)
  aws-sdk-core (~> 3.46.0)
  aws-sdk-s3 (~> 1.30.1)
  bcrypt (~> 3.1.6)
  bootsnap (~> 1.3.2)
  bourbon!
  browser (~> 2.5.3)
  capybara (~> 3.13.0)
  capybara-screenshot (~> 1.0.17)
  capybara-select2!
  carrierwave (~> 1.3.1)
  cells-erb (~> 0.1.0)
  cells-rails (~> 0.0.9)
  chromedriver-helper (~> 2.1.0)
  commonmarker (~> 0.17.9)
  cucumber (~> 3.1.0)
  cucumber-rails (~> 1.6.0)
  daemons
  dalli!
  database_cleaner (~> 1.6)
  date_validator (~> 0.9.0)
  delayed_job_active_record (~> 4.1.1)
  doorkeeper!
  equivalent-xml (~> 0.6)
  escape_utils (~> 1.0)
  factory_bot (~> 4.8)
  factory_bot_rails (~> 4.8)
  faker
  flamegraph
  fog-aws
  friendly_id (~> 5.2.1)
  fuubar (~> 2.3.2)
  gon (~> 6.2.1)
  grape (~> 1.2.3)
  grids!
  html-pipeline (~> 2.8.0)
  htmldiff
  i18n-js (~> 3.2.0)
  json_spec (~> 1.1.4)
  ladle
  launchy (~> 2.4.3)
  letter_opener
  livingstyleguide (~> 2.1.0)
  lograge (~> 0.10.0)
  meta-tags (~> 2.11.0)
  multi_json (~> 1.13.1)
  my_page!
  mysql2 (~> 0.5.0)
  net-ldap (~> 0.16.0)
  newrelic_rpm
  nokogiri (~> 1.10.3)
  oj (~> 3.7.0)
  okcomputer (~> 1.17.3)
  omniauth!
  omniauth-openid-connect!
  omniauth-openid_connect-providers!
  omniauth-saml (~> 1.10.1)
  openproject-auth_plugins!
  openproject-auth_saml!
  openproject-avatars!
  openproject-backlogs!
  openproject-bcf!
  openproject-bim_seeder!
  openproject-boards!
  openproject-costs!
  openproject-documents!
  openproject-github_integration!
  openproject-global_roles!
  openproject-ldap_groups!
  openproject-meeting!
  openproject-my_project_page!
  openproject-openid_connect!
  openproject-pdf_export!
  openproject-reporting!
  openproject-token (~> 1.0.1)
  openproject-translations!
  openproject-two_factor_authentication!
  openproject-webhooks!
  openproject-xls_export!
  parallel_tests (~> 2.27.1)
  passenger (~> 6.0.1)
  pg (~> 1.1.0)
  plaintext (~> 0.3.0)
  posix-spawn (~> 0.3.13)
  prawn (~> 2.2)
  prawn-table (~> 0.2.2)
  pry-byebug (~> 3.6.0)
  pry-rails (~> 0.3.6)
  pry-rescue (~> 1.5.0)
  pry-stack_explorer (~> 0.4.9.2)
  puma (~> 3.12.0)
  rabl (~> 0.14.0)
  rack-attack (~> 5.4.2)
  rack-mini-profiler
  rack-protection (~> 2.0.0)
  rack-test (~> 1.1.0)
  rack_session_access
  rails (~> 5.2.2.1)
  rails-controller-testing (~> 1.0.2)
  rails_12factor
  rdoc (>= 2.4.2)
  reform (~> 2.2.0)
  reform-rails (~> 0.1.7)
  reporting_engine!
  request_store (~> 1.4.1)
  responders (~> 2.4)
  rest-client (~> 2.0)
  retriable (~> 3.1.1)
  rinku (~> 2.0.4)
  roar (~> 1.1.0)
  rouge (~> 3.1.1)
  rspec (~> 3.8.0)
  rspec-activemodel-mocks (~> 1.1.0)!
  rspec-example_disabler!
  rspec-rails (~> 3.8.1)
  rspec-retry (~> 0.6.1)
  rubocop
  ruby-duration (~> 3.2.0)
  ruby-prof
  ruby-progressbar (~> 1.10.0)
  rubytree!
  sanitize (~> 5.0.0)
  sassc-rails (~> 2.1.0)
  secure_headers (~> 6.0.0)
  selenium-webdriver (~> 3.14)
  semantic (~> 1.6.1)
  shoulda-context (~> 1.2)
  shoulda-matchers (~> 3.1)
  simplecov (~> 0.16.0)
  spring
  spring-commands-rspec
  sprockets (~> 3.7.0)
  stackprof
  stringex (~> 2.8.5)
  svg-graph (~> 2.1.0)
  sys-filesystem (~> 1.2.0)
  test-prof (~> 0.7.3)
  thin (~> 1.7.2)
  timecop (~> 0.9.0)
  typed_dag (~> 2.0.2)
  tzinfo-data (~> 1.2018.9)
  unicorn
  unicorn-worker-killer
  warden (~> 1.2)
  warden-basic_auth (~> 0.2.1)
  webmock (~> 3.5.0)
  will_paginate (~> 3.1.0)
  with_advisory_lock

RUBY VERSION
   ruby 2.6.1p33

BUNDLED WITH
   2.0.1
